GEM
  remote: https://rubygems.org/
  specs:
    daemons (1.2.3)
    eventmachine (1.0.8)
    puma (2.14.0)
    rack (1.6.4)
    rack-protection (1.5.3)
      rack
    sequel (4.27.0)
    sinatra (1.4.6)
      rack (~> 1.4)
      rack-protection (~> 1.4)
      tilt (>= 1.3, < 3)
    sqlite3 (1.3.11-x86-mingw32)
    thin (1.6.4)
      daemons (~> 1.0, >= 1.0.9)
      eventmachine (~> 1.0, >= 1.0.4)
      rack (~> 1.0)
    tilt (2.0.1)

PLATFORMS
  x86-mingw32

DEPENDENCIES
  puma
  sequel
  sinatra
  sqlite3
  thin

BUNDLED WITH
   1.10.6
