GEM
  remote: https://rubygems.org/
  specs:
    bacon (1.2.0)
    daemons (1.2.3)
    eventmachine (1.0.8)
    pg (0.18.3-x86-mingw32)
    puma (2.14.0)
    rack (1.6.4)
    rack-protection (1.5.3)
      rack
    sequel (4.27.0)
    sinatra (1.4.6)
      rack (~> 1.4)
      rack-protection (~> 1.4)
      tilt (>= 1.3, < 3)
    sinatra-sequel (0.9.0)
      bacon
      sequel (>= 3.2.0)
      sinatra (>= 0.9.4)
    thin (1.6.4)
      daemons (~> 1.0, >= 1.0.9)
      eventmachine (~> 1.0, >= 1.0.4)
      rack (~> 1.0)
    tilt (2.0.1)

PLATFORMS
  x86-mingw32

DEPENDENCIES
  pg
  puma
  sinatra
  sinatra-sequel
  thin

BUNDLED WITH
   1.10.6
